GEM
  remote: https://rubygems.org/
  specs:
    curb (0.8.8)
    hashie (3.4.3)
    mini_portile (0.6.2)
    nokogiri (1.6.6.3)
      mini_portile (~> 0.6.0)

PLATFORMS
  ruby

DEPENDENCIES
  curb
  hashie
  nokogiri

BUNDLED WITH
   1.10.6
